PATH
  remote: .
  specs:
    git-precommit (1.3.0)
      rake

GEM
  remote: http://rubygems.org/
  specs:
    aruba (0.2.3)
      background_process
      cucumber (~> 0.9.0)
    background_process (1.2)
    builder (2.1.2)
    configuration (1.3.1)
    cucumber (0.9.2)
      builder (~> 2.1.2)
      diff-lcs (~> 1.1.2)
      gherkin (~> 2.2.5)
      json (~> 1.4.6)
      term-ansicolor (~> 1.0.5)
    diff-lcs (1.1.2)
    gherkin (2.2.9)
      json (~> 1.4.6)
      term-ansicolor (~> 1.0.5)
    guard (0.2.2)
      open_gem (~> 1.4.2)
      thor (~> 0.14.3)
    guard-cucumber (0.2.0)
      cucumber (~> 0.9.2)
      guard (~> 0.2.2)
    json (1.4.6)
    launchy (0.3.7)
      configuration (>= 0.0.5)
      rake (>= 0.8.1)
    open_gem (1.4.2)
      launchy (~> 0.3.5)
    rake (0.8.7)
    rspec (2.0.0)
      rspec-core (= 2.0.0)
      rspec-expectations (= 2.0.0)
      rspec-mocks (= 2.0.0)
    rspec-core (2.0.0)
    rspec-expectations (2.0.0)
      diff-lcs (>= 1.1.2)
    rspec-mocks (2.0.0)
      rspec-core (= 2.0.0)
      rspec-expectations (= 2.0.0)
    syntax (1.0.0)
    term-ansicolor (1.0.5)
    thor (0.14.6)

PLATFORMS
  ruby

DEPENDENCIES
  aruba
  cucumber (~> 0.9.0)
  git-precommit!
  guard (~> 0.2.2)
  guard-cucumber
  rspec (~> 2.0.0)
  syntax
